PATH
  remote: .
  specs:
    neo-sdk-ruby (0.0.0)

GEM
  remote: https://rubygems.org/
  specs:
    minitest (5.11.1)
    minitest-autotest (1.0.3)
      minitest-server (~> 1.0)
    minitest-ci (3.3.0)
      minitest (>= 5.0.6)
    minitest-server (1.0.4)
      minitest (~> 5.0)
    rake (12.3.0)

PLATFORMS
  ruby

DEPENDENCIES
  bundler (~> 1.16.a)
  minitest (~> 5.0)
  minitest-autotest
  minitest-ci
  neo-sdk-ruby!
  rake (~> 12.0)

BUNDLED WITH
   1.16.0.pre.3
